PATH
  remote: .
  specs:
    wut (1.0.0)

GEM
  remote: https://rubygems.org/
  specs:
    amazing_print (1.6.0)
    diff-lcs (1.5.1)
    rspec (3.13.0)
      rspec-core (~> 3.13.0)
      rspec-expectations (~> 3.13.0)
      rspec-mocks (~> 3.13.0)
    rspec-core (3.13.2)
      rspec-support (~> 3.13.0)
    rspec-expectations (3.13.3)
      diff-lcs (>= 1.2.0, < 2.0)
      rspec-support (~> 3.13.0)
    rspec-mocks (3.13.2)
      diff-lcs (>= 1.2.0, < 2.0)
      rspec-support (~> 3.13.0)
    rspec-support (3.13.2)
    yard (0.9.37)

PLATFORMS
  ruby

DEPENDENCIES
  amazing_print (~> 1.0)
  rspec (~> 3.0)
  wut!
  yard (~> 0.9)

RUBY VERSION
   ruby 3.4.1p0

BUNDLED WITH
   2.4.19
